PATH
  remote: .
  specs:
    thermostat (0.1.0)

GEM
  remote: http://rubygems.org/
  specs:
    ice_cube (0.8.0)
    rspec (1.3.0)

PLATFORMS
  ruby

DEPENDENCIES
  ice_cube
  rspec (= 1.3.0)
  thermostat!
